GEM
  remote: http://rubygems.org/
  specs:
    builder (3.2.0)
    ci_reporter (1.8.4)
      builder (>= 2.1.2)
    diff-lcs (1.2.1)
    rake (0.9.6)
    rspec (2.13.0)
      rspec-core (~> 2.13.0)
      rspec-expectations (~> 2.13.0)
      rspec-mocks (~> 2.13.0)
    rspec-core (2.13.0)
    rspec-expectations (2.13.0)
      diff-lcs (>= 1.1.3, < 2.0)
    rspec-mocks (2.13.0)
    rubyzip (1.3.0)

PLATFORMS
  ruby

DEPENDENCIES
  ci_reporter (= 1.8.4)
  rake (~> 0.9.2)
  rspec (~> 2.13.0)
  rubyzip (~> 1.3.0)
